PATH
  remote: .
  specs:
    wkndr (0.0.0)
      yajl-ruby

GEM
  remote: https://rubygems.org/
  specs:
    rake (10.5.0)
    rake-compiler (1.0.4)
      rake
    yajl-ruby (1.4.1)

PLATFORMS
  ruby

DEPENDENCIES
  bundler (~> 1.12)
  rake (~> 10.0)
  rake-compiler
  wkndr!

BUNDLED WITH
   1.17.3
